GIT
  remote: git://github.com/apaokin/i18n-tasks.git
  revision: 558b900d0b8cf5187a2cc61a8585a3453744bc35
  specs:
    i18n-tasks (0.9.29)
      activesupport (>= 4.0.2)
      ast (>= 2.1.0)
      erubi
      highline (>= 2.0.0)
      i18n
      parser (>= 2.2.3.0)
      rails-i18n
      rainbow (>= 2.2.2, < 4.0)
      terminal-table (>= 1.5.1)

GIT
  remote: git://github.com/apaokin/ruby-lmtp.git
  revision: a41cbdc2372c85baa50a7749ef78d74c40e3ccd0
  specs:
    lmtp (0.0.1)

GIT
  remote: git://github.com/colszowka/phantomjs-gem.git
  revision: 38a722deeb7989e2de093fd628139266386492c1
  specs:
    phantomjs (2.1.1.0)

GIT
  remote: git://github.com/railsconfig/config.git
  revision: c8bfc4858aa62f41ade749996f57c45b68a04a6e
  specs:
    config (2.2.1)
      deep_merge (~> 1.2, >= 1.2.1)
      dry-validation (~> 1.0, >= 1.0.0)

PATH
  remote: engines/announcements
  specs:
    announcements (0.0.1)
      aasm
      carrierwave
      commonmarker
      decorators (~> 1.0.2)
      kaminari
      mini_magick (>= 4.9.4)
      nokogiri (>= 1.10.4)
      pg (~> 0.18)
      rails (~> 5.0)
      ransack (= 2.1.1)
      sidekiq
      slim

PATH
  remote: engines/api
  specs:
    api (0.0.1)
      mini_magick (>= 4.9.4)
      nokogiri (>= 1.10.4)
      rails (~> 5.0)

PATH
  remote: engines/authentication
  specs:
    authentication (0.0.1)
      mini_magick (>= 4.9.4)
      nokogiri (>= 1.10.4)
      pg (~> 0.18)
      rails (~> 5.0)
      sidekiq
      slim
      sorcery

PATH
  remote: engines/comments
  specs:
    comments (0.0.1)
      active_record_union
      mini_magick (>= 4.9.4)
      nokogiri (>= 1.10.4)
      rails (~> 5.0)
      translit

PATH
  remote: engines/core
  specs:
    core (0.0.1)
      aasm
      carrierwave
      clbustos-rtf
      colorize
      decorators (~> 1.0.2)
      kaminari
      mini_magick (>= 4.9.4)
      net-scp
      net-ssh
      nokogiri (>= 1.10.4)
      pg (~> 0.18)
      rails (~> 5.0)
      ransack (= 2.1.1)
      roo
      sidekiq
      sidekiq-failures
      slim
      sshkey
      write_xlsx

PATH
  remote: engines/face
  specs:
    face (0.0.1)
      bootstrap-datepicker-rails
      bootstrap3-datetimepicker-rails (~> 4.17.47)
      bootstrap_form (< 4)
      coffee-rails
      commonmarker
      jquery-fileupload-rails
      jquery-rails
      mini_magick (>= 4.9.4)
      momentjs-rails (>= 2.9.0)
      nested_form
      nokogiri (>= 1.10.4)
      pg (~> 0.18)
      rails (~> 5.0)
      rails-jquery-autocomplete
      russian
      sassc-rails
      select2-rails
      slim
      therubyrhino
      underscore-rails

PATH
  remote: engines/hardware
  specs:
    hardware (0.0.1)
      aasm
      carrierwave
      decorators
      jquery-ui-rails
      kaminari
      mime-types
      mini_magick (>= 4.9.4)
      nokogiri (>= 1.10.4)
      rails (~> 5.0)
      ransack (= 2.1.1)
      slim

PATH
  remote: engines/jobstat
  specs:
    jobstat (0.0.1)
      i18n-js
      jquery-tablesorter
      kaminari
      mini_magick (>= 4.9.4)
      nokogiri (>= 1.10.4)
      pg (~> 0.18)
      rails (~> 5.0)
      ransack (= 2.1.1)
      sidekiq
      slim

PATH
  remote: engines/pack
  specs:
    pack (0.0.1)
      aasm
      active_record_union
      carrierwave
      decorators
      jquery-ui-rails
      kaminari
      mime-types
      mini_magick (>= 4.9.4)
      nested_form
      nokogiri (>= 1.10.4)
      rails (~> 5.0)
      ransack (= 2.1.1)
      sidekiq
      slim

PATH
  remote: engines/reports
  specs:
    reports (0.0.1)
      rails (~> 5.0)

PATH
  remote: engines/sessions
  specs:
    sessions (0.0.1)
      aasm
      carrierwave
      decorators (~> 1.0.2)
      kaminari
      mini_magick (>= 4.9.4)
      nokogiri (>= 1.10.4)
      pg (~> 0.18)
      rails (~> 5.0)
      ransack (= 2.1.1)
      sidekiq
      slim

PATH
  remote: engines/statistics
  specs:
    statistics (0.0.1)
      kaminari
      mini_magick (>= 4.9.4)
      nokogiri (>= 1.10.4)
      pg (~> 0.18)
      rails (~> 5.0)
      ransack (= 2.1.1)
      sidekiq
      slim

PATH
  remote: engines/support
  specs:
    support (0.0.1)
      aasm
      carrierwave
      decorators (~> 1.0.2)
      kaminari
      mini_magick (>= 4.9.4)
      nokogiri (>= 1.10.4)
      pg (~> 0.18)
      rails (~> 5.0)
      ransack (= 2.1.1)
      sidekiq
      slim

PATH
  remote: engines/wiki
  specs:
    wiki (0.0.1)
      pg (~> 0.18)
      rails (~> 5.0)
      slim

PATH
  remote: engines/wikiplus
  specs:
    wikiplus (0.0.1)
      carrierwave
      mini_magick (>= 4.9.4)
      nokogiri (>= 1.10.4)
      pg (~> 0.18)
      rails (~> 5.0)
      slim
      sqlite3 (~> 1.3.6)

GEM
  remote: https://rubygems.org/
  specs:
    aasm (5.0.8)
      concurrent-ruby (~> 1.0)
    actioncable (5.2.4.2)
      actionpack (= 5.2.4.2)
      nio4r (~> 2.0)
      websocket-driver (>= 0.6.1)
    actionmailer (5.2.4.2)
      actionpack (= 5.2.4.2)
      actionview (= 5.2.4.2)
      activejob (= 5.2.4.2)
      mail (~> 2.5, >= 2.5.4)
      rails-dom-testing (~> 2.0)
    actionpack (5.2.4.2)
      actionview (= 5.2.4.2)
      activesupport (= 5.2.4.2)
      rack (~> 2.0, >= 2.0.8)
      rack-test (>= 0.6.3)
      rails-dom-testing (~> 2.0)
      rails-html-sanitizer (~> 1.0, >= 1.0.2)
    actionview (5.2.4.2)
      activesupport (= 5.2.4.2)
      builder (~> 3.1)
      erubi (~> 1.4)
      rails-dom-testing (~> 2.0)
      rails-html-sanitizer (~> 1.0, >= 1.0.3)
    active_record_union (1.3.0)
      activerecord (>= 4.0)
    activejob (5.2.4.2)
      activesupport (= 5.2.4.2)
      globalid (>= 0.3.6)
    activemodel (5.2.4.2)
      activesupport (= 5.2.4.2)
    activerecord (5.2.4.2)
      activemodel (= 5.2.4.2)
      activesupport (= 5.2.4.2)
      arel (>= 9.0)
    activerecord-import (1.0.4)
      activerecord (>= 3.2)
    activestorage (5.2.4.2)
      actionpack (= 5.2.4.2)
      activerecord (= 5.2.4.2)
      marcel (~> 0.3.1)
    activesupport (5.2.4.2)
      concurrent-ruby (~> 1.0, >= 1.0.2)
      i18n (>= 0.7, < 2)
      minitest (~> 5.1)
      tzinfo (~> 1.1)
    addressable (2.7.0)
      public_suffix (>= 2.0.2, < 5.0)
    airbrake (10.0.3)
      airbrake-ruby (~> 4.13)
    airbrake-ruby (4.14.1)
      rbtree3 (~> 0.5)
    annotate (3.1.1)
      activerecord (>= 3.2, < 7.0)
      rake (>= 10.4, < 14.0)
    ansi (1.5.0)
    arel (9.0.0)
    ast (2.4.0)
    bcrypt (3.1.13)
    better_errors (2.7.0)
      coderay (>= 1.0.0)
      erubi (>= 1.0.0)
      rack (>= 0.9.0)
    bootsnap (1.4.6)
      msgpack (~> 1.0)
    bootstrap-datepicker-rails (1.9.0.1)
      railties (>= 3.0)
    bootstrap3-datetimepicker-rails (4.17.47)
      momentjs-rails (>= 2.8.1)
    bootstrap_form (2.7.0)
    builder (3.2.4)
    cancancan (3.1.0)
    capybara (3.32.1)
      addressable
      mini_mime (>= 0.1.3)
      nokogiri (~> 1.8)
      rack (>= 1.6.0)
      rack-test (>= 0.6.3)
      regexp_parser (~> 1.5)
      xpath (~> 3.2)
    carrierwave (2.1.0)
      activemodel (>= 5.0.0)
      activesupport (>= 5.0.0)
      addressable (~> 2.6)
      image_processing (~> 1.1)
      mimemagic (>= 0.3.0)
      mini_mime (>= 0.1.3)
    childprocess (3.0.0)
    choice (0.2.0)
    chronic (0.10.2)
    clbustos-rtf (0.5.0)
    codeclimate-test-reporter (1.0.9)
      simplecov (<= 0.13)
    coderay (1.1.2)
    coffee-rails (5.0.0)
      coffee-script (>= 2.2.0)
      railties (>= 5.2.0)
    coffee-script (2.4.1)
      coffee-script-source
      execjs
    coffee-script-source (1.12.2)
    colorize (0.8.1)
    commonmarker (0.21.0)
      ruby-enum (~> 0.5)
    concurrent-ruby (1.1.6)
    connection_pool (2.2.2)
    crass (1.0.6)
    database_cleaner (1.8.4)
    decorators (1.0.5)
      railties (>= 3.0.19)
    deep_merge (1.2.1)
    diff-lcs (1.3)
    docile (1.1.5)
    dry-configurable (0.11.5)
      concurrent-ruby (~> 1.0)
      dry-core (~> 0.4, >= 0.4.7)
      dry-equalizer (~> 0.2)
    dry-container (0.7.2)
      concurrent-ruby (~> 1.0)
      dry-configurable (~> 0.1, >= 0.1.3)
    dry-core (0.4.9)
      concurrent-ruby (~> 1.0)
    dry-equalizer (0.3.0)
    dry-inflector (0.2.0)
    dry-initializer (3.0.3)
    dry-logic (1.0.6)
      concurrent-ruby (~> 1.0)
      dry-core (~> 0.2)
      dry-equalizer (~> 0.2)
    dry-schema (1.5.0)
      concurrent-ruby (~> 1.0)
      dry-configurable (~> 0.8, >= 0.8.3)
      dry-core (~> 0.4)
      dry-equalizer (~> 0.2)
      dry-initializer (~> 3.0)
      dry-logic (~> 1.0)
      dry-types (~> 1.4)
    dry-types (1.4.0)
      concurrent-ruby (~> 1.0)
      dry-container (~> 0.3)
      dry-core (~> 0.4, >= 0.4.4)
      dry-equalizer (~> 0.3)
      dry-inflector (~> 0.1, >= 0.1.2)
      dry-logic (~> 1.0, >= 1.0.2)
    dry-validation (1.5.0)
      concurrent-ruby (~> 1.0)
      dry-container (~> 0.7, >= 0.7.1)
      dry-core (~> 0.4)
      dry-equalizer (~> 0.2)
      dry-initializer (~> 3.0)
      dry-schema (~> 1.5)
    erubi (1.9.0)
    execjs (2.7.0)
    factory_bot (5.2.0)
      activesupport (>= 4.2.0)
    factory_bot_rails (5.2.0)
      factory_bot (~> 5.2.0)
      railties (>= 4.2.0)
    faraday (1.0.1)
      multipart-post (>= 1.2, < 3)
    ffi (1.12.2)
    foreman (0.87.1)
    globalid (0.4.2)
      activesupport (>= 4.2.0)
    groupdate (5.0.0)
      activesupport (>= 5)
    highline (2.0.3)
    i18n (1.8.2)
      concurrent-ruby (~> 1.0)
    i18n-js (3.6.0)
      i18n (>= 0.6.6)
    image_processing (1.10.3)
      mini_magick (>= 4.9.5, < 5)
      ruby-vips (>= 2.0.17, < 3)
    jquery-fileupload-rails (1.0.0)
      actionpack (>= 3.1)
      railties (>= 3.1)
      sassc
    jquery-rails (4.3.5)
      rails-dom-testing (>= 1, < 3)
      railties (>= 4.2.0)
      thor (>= 0.14, < 2.0)
    jquery-tablesorter (1.27.2)
      railties (>= 3.2)
    jquery-ui-rails (6.0.1)
      railties (>= 3.2.16)
    json (2.3.0)
    jwt (2.2.1)
    kaminari (1.2.0)
      activesupport (>= 4.1.0)
      kaminari-actionview (= 1.2.0)
      kaminari-activerecord (= 1.2.0)
      kaminari-core (= 1.2.0)
    kaminari-actionview (1.2.0)
      actionview
      kaminari-core (= 1.2.0)
    kaminari-activerecord (1.2.0)
      activerecord
      kaminari-core (= 1.2.0)
    kaminari-core (1.2.0)
    launchy (2.5.0)
      addressable (~> 2.7)
    left_join (0.2.1)
    letter_opener (1.7.0)
      launchy (~> 2.2)
    libv8 (3.16.14.19)
    listen (3.2.1)
      rb-fsevent (~> 0.10, >= 0.10.3)
      rb-inotify (~> 0.9, >= 0.9.10)
    loofah (2.5.0)
      crass (~> 1.0.2)
      nokogiri (>= 1.5.9)
    mail (2.7.1)
      mini_mime (>= 0.1.1)
    marcel (0.3.3)
      mimemagic (~> 0.3.2)
    method_source (1.0.0)
    mime-types (3.3.1)
      mime-types-data (~> 3.2015)
    mime-types-data (3.2020.0425)
    mimemagic (0.3.4)
    mina (1.2.3)
      open4 (~> 1.3.4)
      rake
    mini_magick (4.10.1)
    mini_mime (1.0.2)
    mini_portile2 (2.4.0)
    minitest (5.14.0)
    minitest-reporters (1.4.2)
      ansi
      builder
      minitest (>= 5.0)
      ruby-progressbar
    momentjs-rails (2.20.1)
      railties (>= 3.1)
    msgpack (1.3.3)
    multi_json (1.14.1)
    multi_xml (0.6.0)
    multipart-post (2.1.1)
    mustermann (1.1.1)
      ruby2_keywords (~> 0.0.1)
    nested_form (0.3.2)
    net-scp (3.0.0)
      net-ssh (>= 2.6.5, < 7.0.0)
    net-ssh (6.0.2)
    nio4r (2.5.2)
    nokogiri (1.10.9)
      mini_portile2 (~> 2.4.0)
    oauth (0.5.4)
    oauth2 (1.4.4)
      faraday (>= 0.8, < 2.0)
      jwt (>= 1.0, < 3.0)
      multi_json (~> 1.3)
      multi_xml (~> 0.5)
      rack (>= 1.2, < 3)
    open4 (1.3.4)
    paper_trail (10.3.1)
      activerecord (>= 4.2)
      request_store (~> 1.1)
    parser (2.7.1.1)
      ast (~> 2.4.0)
    pg (0.21.0)
    pry (0.13.1)
      coderay (~> 1.1)
      method_source (~> 1.0)
    pry-rails (0.3.9)
      pry (>= 0.10.4)
    public_suffix (4.0.4)
    puma (4.3.5)
      nio4r (~> 2.0)
    rack (2.2.3)
    rack-protection (2.0.8.1)
      rack
    rack-test (1.1.0)
      rack (>= 1.0, < 3)
    railroady (1.5.3)
    rails (5.2.4.2)
      actioncable (= 5.2.4.2)
      actionmailer (= 5.2.4.2)
      actionpack (= 5.2.4.2)
      actionview (= 5.2.4.2)
      activejob (= 5.2.4.2)
      activemodel (= 5.2.4.2)
      activerecord (= 5.2.4.2)
      activestorage (= 5.2.4.2)
      activesupport (= 5.2.4.2)
      bundler (>= 1.3.0)
      railties (= 5.2.4.2)
      sprockets-rails (>= 2.0.0)
    rails-dom-testing (2.0.3)
      activesupport (>= 4.2.0)
      nokogiri (>= 1.6)
    rails-erd (1.6.0)
      activerecord (>= 4.2)
      activesupport (>= 4.2)
      choice (~> 0.2.0)
      ruby-graphviz (~> 1.2)
    rails-html-sanitizer (1.3.0)
      loofah (~> 2.3)
    rails-i18n (5.1.3)
      i18n (>= 0.7, < 2)
      railties (>= 5.0, < 6)
    rails-jquery-autocomplete (1.0.5)
      rails (>= 3.2)
    rails_db (2.2.1)
      activerecord
      kaminari
      rails (>= 5.0.0)
      ransack
      simple_form (>= 5.0.1)
      terminal-table
    rails_email_preview (2.0.6)
      rails (>= 4.2)
      request_store
      sass
      turbolinks
    railties (5.2.4.2)
      actionpack (= 5.2.4.2)
      activesupport (= 5.2.4.2)
      method_source
      rake (>= 0.8.7)
      thor (>= 0.19.0, < 2.0)
    rainbow (3.0.0)
    rake (13.0.1)
    ransack (2.1.1)
      actionpack (>= 5.0)
      activerecord (>= 5.0)
      activesupport (>= 5.0)
      i18n
    rb-fsevent (0.10.3)
    rb-inotify (0.10.1)
      ffi (~> 1.0)
    rbtree3 (0.6.0)
    redis (4.1.3)
    ref (2.0.0)
    regexp_parser (1.7.0)
    request_store (1.5.0)
      rack (>= 1.4)
    responders (3.0.0)
      actionpack (>= 5.0)
      railties (>= 5.0)
    rexml (3.2.4)
    roo (2.8.3)
      nokogiri (~> 1)
      rubyzip (>= 1.3.0, < 3.0.0)
    rspec-core (3.9.1)
      rspec-support (~> 3.9.1)
    rspec-expectations (3.9.1)
      diff-lcs (>= 1.2.0, < 2.0)
      rspec-support (~> 3.9.0)
    rspec-mocks (3.9.1)
      diff-lcs (>= 1.2.0, < 2.0)
      rspec-support (~> 3.9.0)
    rspec-rails (4.0.0)
      actionpack (>= 4.2)
      activesupport (>= 4.2)
      railties (>= 4.2)
      rspec-core (~> 3.9)
      rspec-expectations (~> 3.9)
      rspec-mocks (~> 3.9)
      rspec-support (~> 3.9)
    rspec-sidekiq (3.0.3)
      rspec-core (~> 3.0, >= 3.0.0)
      sidekiq (>= 2.4.0)
    rspec-support (3.9.2)
    ruby-enum (0.8.0)
      i18n
    ruby-graphviz (1.2.5)
      rexml
    ruby-progressbar (1.10.1)
    ruby-vips (2.0.17)
      ffi (~> 1.9)
    ruby2_keywords (0.0.2)
    rubyzip (2.3.0)
    russian (0.6.0)
      i18n (>= 0.5.0)
    sass (3.7.4)
      sass-listen (~> 4.0.0)
    sass-listen (4.0.0)
      rb-fsevent (~> 0.9, >= 0.9.4)
      rb-inotify (~> 0.9, >= 0.9.7)
    sassc (2.3.0)
      ffi (~> 1.9)
    sassc-rails (2.1.2)
      railties (>= 4.0.0)
      sassc (>= 2.0)
      sprockets (> 3.0)
      sprockets-rails
      tilt
    select2-rails (4.0.3)
      thor (~> 0.14)
    selenium-webdriver (3.142.7)
      childprocess (>= 0.5, < 4.0)
      rubyzip (>= 1.2.2)
    shoulda-matchers (4.3.0)
      activesupport (>= 4.2.0)
    sidekiq (6.0.7)
      connection_pool (>= 2.2.2)
      rack (~> 2.0)
      rack-protection (>= 2.0.0)
      redis (>= 4.1.0)
    sidekiq-failures (1.0.0)
      sidekiq (>= 4.0.0)
    simple_form (5.0.2)
      actionpack (>= 5.0)
      activemodel (>= 5.0)
    simplecov (0.13.0)
      docile (~> 1.1.0)
      json (>= 1.8, < 3)
      simplecov-html (~> 0.10.0)
    simplecov-html (0.10.2)
    sinatra (2.0.8.1)
      mustermann (~> 1.0)
      rack (~> 2.0)
      rack-protection (= 2.0.8.1)
      tilt (~> 2.0)
    slim (4.0.1)
      temple (>= 0.7.6, < 0.9)
      tilt (>= 2.0.6, < 2.1)
    sorcery (0.15.0)
      bcrypt (~> 3.1)
      oauth (~> 0.4, >= 0.4.4)
      oauth2 (~> 1.0, >= 0.8.0)
    sprockets (4.0.0)
      concurrent-ruby (~> 1.0)
      rack (> 1, < 3)
    sprockets-rails (3.2.1)
      actionpack (>= 4.0)
      activesupport (>= 4.0)
      sprockets (>= 3.0.0)
    sqlite3 (1.3.13)
    sshkey (2.0.0)
    temple (0.8.2)
    terminal-table (1.8.0)
      unicode-display_width (~> 1.1, >= 1.1.1)
    therubyracer (0.12.3)
      libv8 (~> 3.16.14.15)
      ref
    therubyrhino (2.1.2)
      therubyrhino_jar (>= 1.7.4, < 1.7.9)
    therubyrhino_jar (1.7.8)
    thor (0.20.3)
    thread_safe (0.3.6)
    tilt (2.0.10)
    traco (5.0.0)
      activerecord (>= 3.0)
    translit (0.1.5)
    turbolinks (5.2.1)
      turbolinks-source (~> 5.2)
    turbolinks-source (5.2.0)
    tzinfo (1.2.7)
      thread_safe (~> 0.1)
    uglifier (4.2.0)
      execjs (>= 0.3.0, < 3)
    underscore-rails (1.8.3)
    unicode-display_width (1.7.0)
    websocket-driver (0.7.1)
      websocket-extensions (>= 0.1.0)
    websocket-extensions (0.1.4)
    whenever (1.0.0)
      chronic (>= 0.6.3)
    write_xlsx (0.85.7)
      rubyzip (>= 1.0.0)
      zip-zip
    xpath (3.2.0)
      nokogiri (~> 1.8)
    zip-zip (0.3)
      rubyzip (>= 1.0.0)

PLATFORMS
  ruby

DEPENDENCIES
  active_record_union
  activerecord-import (>= 0.2.0)
  activerecord-jdbcpostgresql-adapter (~> 1.3.21)
  airbrake
  annotate
  announcements!
  api!
  authentication!
  better_errors
  bootsnap
  bootstrap_form
  cancancan
  capybara
  codeclimate-test-reporter
  comments!
  config!
  core!
  database_cleaner
  decorators (~> 1.0.0)
  face!
  factory_bot_rails
  foreman
  groupdate
  hardware!
  i18n-js
  i18n-tasks!
  jobstat!
  jquery-rails
  jquery-tablesorter
  jquery-ui-rails
  left_join
  letter_opener
  listen
  lmtp!
  mina
  mini_magick (>= 4.9.4)
  minitest-reporters
  nokogiri (>= 1.10.4)
  pack!
  paper_trail
  pg (~> 0.18)
  phantomjs!
  pry-rails
  puma
  railroady
  rails (~> 5.0)
  rails-erd
  rails_db
  rails_email_preview (~> 2.0.6)
  rake
  reports!
  responders
  rspec-rails
  rspec-sidekiq
  rubyzip (>= 1.0.0)
  sassc-rails
  selenium-webdriver
  sessions!
  shoulda-matchers (~> 4.0)
  sinatra (>= 1.3.0)
  sqlite3
  statistics!
  support!
  therubyracer
  traco
  uglifier (>= 1.3.0)
  whenever
  wiki!
  wikiplus!

BUNDLED WITH
   1.17.3
